GEM
  remote: http://rubygems.org/
  specs:
    aws-s3 (0.6.2)
      builder
      mime-types
      xml-simple
    builder (3.0.0)
    ffi (1.0.11)
    growl (1.0.3)
    guard (0.8.8)
      thor (~> 0.14.6)
    guard-shell (0.1.1)
      guard (>= 0.2.0)
    haml (3.1.4)
    mime-types (1.17.2)
    rake (0.9.2.2)
    rb-fchange (0.0.5)
      ffi
    rb-fsevent (0.4.3.1)
    rb-inotify (0.8.8)
      ffi (>= 0.5.0)
    sass (3.1.11)
    thor (0.14.6)
    xml-simple (1.1.1)

PLATFORMS
  ruby

DEPENDENCIES
  aws-s3
  growl
  guard
  guard-shell
  haml
  rake
  rb-fchange
  rb-fsevent
  rb-inotify
  sass
